GEM
  remote: http://rubygems.org/
  specs:
    activemodel (3.0.12)
      activesupport (= 3.0.12)
      builder (~> 2.1.2)
      i18n (~> 0.5.0)
    activesupport (3.0.12)
    addressable (2.2.7)
    builder (2.1.2)
    childprocess (0.3.2)
      ffi (~> 1.0.6)
    enviro (0.0.5)
    faraday (0.8.0)
      multipart-post (~> 1.1)
    faraday_middleware (0.8.7)
      faraday (>= 0.7.4, < 0.9)
    ffi (1.0.11)
    hashie (1.2.0)
    i18n (0.5.0)
    multi_json (1.3.4)
    multipart-post (1.1.5)
    nokogiri (1.5.2)
    octokit (1.0.4)
      addressable (~> 2.2)
      faraday (~> 0.8)
      faraday_middleware (~> 0.8)
      hashie (~> 1.2)
      multi_json (~> 1.3)
    rainbow (1.1.4)
    trollop (1.16.2)
    vimpack (0.0.4)
      activemodel (~> 3.0.11)
      bundler (~> 1)
      childprocess (~> 0.3.1)
      enviro (>= 0.0.4)
      nokogiri (~> 1.5.0)
      octokit (~> 1.0.0)
      rainbow (~> 1.1.3)
      trollop (~> 1.16.2)
      yajl-ruby (~> 1.1.0)
    yajl-ruby (1.1.0)

PLATFORMS
  ruby

DEPENDENCIES
  vimpack
